PATH
  remote: .
  specs:
    poolparty (1.6.9)

GEM
  remote: http://rubygems.org/
  specs:

PLATFORMS
  ruby

DEPENDENCIES
  poolparty!
