PATH
  remote: .
  specs:
    poolparty (1.7.0.pre)
      amazon-ec2 (~> 0.9.17)
      json
      xml-simple

GEM
  remote: http://rubygems.org/
  specs:
    addressable (2.2.6)
    amazon-ec2 (0.9.17)
      xml-simple (>= 1.0.12)
    archive-tar-minitar (0.5.2)
    crack (0.1.8)
    erubis (2.7.0)
    fakeweb (1.3.0)
    ffi (1.0.9)
    git-style-binaries (0.1.11)
      shoulda
      trollop
    i18n (0.5.0)
    jnunemaker-matchy (0.4.0)
    json (1.5.3)
    mocha (0.9.12)
    net-scp (1.0.4)
      net-ssh (>= 1.99.1)
    net-ssh (2.1.4)
    psych (5.1.0)
      stringio
    rcov (0.9.9)
    rdoc (6.5.0)
      psych (>= 4.0.0)
    right_http_connection (1.3.0)
    shoulda (2.11.3)
    stringio (3.0.6)
    thor (0.14.6)
    trollop (1.16.2)
    vagrant (0.8.6)
      archive-tar-minitar (= 0.5.2)
      erubis (~> 2.7.0)
      i18n (~> 0.5.0)
      json (~> 1.5.1)
      net-scp (~> 1.0.4)
      net-ssh (~> 2.1.4)
      thor (~> 0.14.6)
      virtualbox (~> 0.9.1)
    virtualbox (0.9.2)
      ffi (~> 1.0.9)
    webmock (1.6.4)
      addressable (~> 2.2, > 2.2.5)
      crack (>= 0.1.7)
    xml-simple (1.1.0)

PLATFORMS
  ruby

DEPENDENCIES
  amazon-ec2 (~> 0.9.17)
  fakeweb
  git-style-binaries
  jnunemaker-matchy (~> 0.4.0)
  json
  mocha
  poolparty!
  rcov
  rdoc
  right_http_connection
  shoulda
  vagrant
  webmock
  xml-simple
